GEM
  remote: http://rubygems.org/
  specs:
    aws-sdk (2.3.9)
      aws-sdk-resources (= 2.3.9)
    aws-sdk-core (2.3.9)
      jmespath (~> 1.0)
    aws-sdk-resources (2.3.9)
      aws-sdk-core (= 2.3.9)
    haml (4.0.7)
      tilt
    jmespath (1.2.4)
      json_pure (>= 1.8.1)
    json_pure (1.8.3)
    pdf-core (0.6.1)
    prawn (2.1.0)
      pdf-core (~> 0.6.1)
      ttfunk (~> 1.4.0)
    rack (1.6.4)
    rack-protection (1.5.3)
      rack
    sinatra (1.4.7)
      rack (~> 1.5)
      rack-protection (~> 1.4)
      tilt (>= 1.3, < 3)
    tilt (2.0.4)
    ttfunk (1.4.0)

PLATFORMS
  ruby
  x64-mingw32

DEPENDENCIES
  aws-sdk
  haml
  prawn
  sinatra

BUNDLED WITH
   1.12.5
